GIT
  remote: https://github.com/kmuto/review.git
  revision: 524161f3e27b5c339e79819e1659c6967a86b8b5
  specs:
    review (1.1.0)

GIT
  remote: https://github.com/takahashim/md2review.git
  revision: 112f17a031646a75bcc2ebd5e1d748c3847b0a7e
  specs:
    md2review (1.0.1)
      redcarpet (> 2.0.0)

GEM
  remote: https://rubygems.org/
  specs:
    redcarpet (3.0.0)

PLATFORMS
  ruby

DEPENDENCIES
  md2review!
  review!
